GIT
  remote: git://github.com/Lax/evma_httpserver.git
  revision: 518d607456c820d195f02be765453ae8b4b8ad80
  specs:
    eventmachine_httpserver (0.2.1)

GEM
  remote: http://ruby.taobao.org/
  specs:
    bson (1.5.2)
    bson_ext (1.5.2)
      bson (= 1.5.2)
    eventmachine (0.12.10)
    mongo (1.5.2)
      bson (= 1.5.2)

PLATFORMS
  ruby

DEPENDENCIES
  bson_ext
  eventmachine
  eventmachine_httpserver!
  mongo
